GEM
  remote: https://rubygems.org/
  specs:
    mini_portile2 (2.1.0)
    nokogiri (1.6.8.1)
      mini_portile2 (~> 2.1.0)
    ruby-try (1.1.1)

PLATFORMS
  ruby

DEPENDENCIES
  nokogiri
  ruby-try

BUNDLED WITH
   1.13.2
